GIT
  remote: https://github.com/Shopify/bootsnap.git
  revision: 55ead96fbf831d33d3f748aa390d6e097923fea1
  specs:
    bootsnap (1.4.4)
      msgpack (~> 1.0)

GIT
  remote: https://github.com/balexand/email_validator.git
  revision: 756f4226d254713333f83f534b88d174a106eb37
  specs:
    email_validator (2.0.1)
      activemodel

GIT
  remote: https://github.com/bkeepers/dotenv.git
  revision: f796d366444d454e12a65cf1db81781dc0ce2c7b
  specs:
    dotenv (2.7.2)
    dotenv-rails (2.7.2)
      dotenv (= 2.7.2)
      railties (>= 3.2, < 6.1)

GIT
  remote: https://github.com/ged/ruby-pg.git
  revision: 44300258355e9b221dd53bb27e450ee594e1f57d
  specs:
    pg (1.2.0.pre20181226130406)

GIT
  remote: https://github.com/guard/listen.git
  revision: 8d85b4cd5788592799adea61af14a29bf2895d87
  specs:
    listen (3.1.5)
      rb-fsevent (~> 0.10, >= 0.10.3)
      rb-inotify (~> 0.9, >= 0.9.10)

GIT
  remote: https://github.com/jonleighton/spring-watcher-listen.git
  revision: c4bfe15805867e229588e4b776a7b87438137094
  specs:
    spring-watcher-listen (2.0.1)
      listen (>= 2.7, < 4.0)
      spring (>= 1.2, < 3.0)

GIT
  remote: https://github.com/pry/pry.git
  revision: 6cc6e55f205c421ca6ca010a8afcafc3ed7dc299
  specs:
    pry (0.12.2)
      coderay (~> 1.1.0)
      method_source (~> 0.9.0)

GIT
  remote: https://github.com/puma/puma.git
  revision: 60f70cd8792279231b429f42feeb7db9661f66bb
  specs:
    puma (3.12.1)
      nio4r (~> 2.0)

GIT
  remote: https://github.com/rails/rails.git
  revision: dc2a5d4c3407dc8dc12b389f845b7797bafdfdd7
  specs:
    actioncable (6.1.0.alpha)
      actionpack (= 6.1.0.alpha)
      nio4r (~> 2.0)
      websocket-driver (>= 0.6.1)
    actionmailbox (6.1.0.alpha)
      actionpack (= 6.1.0.alpha)
      activejob (= 6.1.0.alpha)
      activerecord (= 6.1.0.alpha)
      activestorage (= 6.1.0.alpha)
      activesupport (= 6.1.0.alpha)
      mail (>= 2.7.1)
    actionmailer (6.1.0.alpha)
      actionpack (= 6.1.0.alpha)
      actionview (= 6.1.0.alpha)
      activejob (= 6.1.0.alpha)
      mail (~> 2.5, >= 2.5.4)
      rails-dom-testing (~> 2.0)
    actionpack (6.1.0.alpha)
      actionview (= 6.1.0.alpha)
      activesupport (= 6.1.0.alpha)
      rack (~> 2.0)
      rack-test (>= 0.6.3)
      rails-dom-testing (~> 2.0)
      rails-html-sanitizer (~> 1.0, >= 1.0.2)
    actiontext (6.1.0.alpha)
      actionpack (= 6.1.0.alpha)
      activerecord (= 6.1.0.alpha)
      activestorage (= 6.1.0.alpha)
      activesupport (= 6.1.0.alpha)
      nokogiri (>= 1.8.5)
    actionview (6.1.0.alpha)
      activesupport (= 6.1.0.alpha)
      builder (~> 3.1)
      erubi (~> 1.4)
      rails-dom-testing (~> 2.0)
      rails-html-sanitizer (~> 1.0, >= 1.0.3)
    activejob (6.1.0.alpha)
      activesupport (= 6.1.0.alpha)
      globalid (>= 0.3.6)
    activemodel (6.1.0.alpha)
      activesupport (= 6.1.0.alpha)
    activerecord (6.1.0.alpha)
      activemodel (= 6.1.0.alpha)
      activesupport (= 6.1.0.alpha)
    activestorage (6.1.0.alpha)
      actionpack (= 6.1.0.alpha)
      activejob (= 6.1.0.alpha)
      activerecord (= 6.1.0.alpha)
      marcel (~> 0.3.1)
    activesupport (6.1.0.alpha)
      concurrent-ruby (~> 1.0, >= 1.0.2)
      i18n (>= 0.7, < 2)
      minitest (~> 5.1)
      tzinfo (~> 1.1)
      zeitwerk (~> 2.1, >= 2.1.4)
    rails (6.1.0.alpha)
      actioncable (= 6.1.0.alpha)
      actionmailbox (= 6.1.0.alpha)
      actionmailer (= 6.1.0.alpha)
      actionpack (= 6.1.0.alpha)
      actiontext (= 6.1.0.alpha)
      actionview (= 6.1.0.alpha)
      activejob (= 6.1.0.alpha)
      activemodel (= 6.1.0.alpha)
      activerecord (= 6.1.0.alpha)
      activestorage (= 6.1.0.alpha)
      activesupport (= 6.1.0.alpha)
      bundler (>= 1.3.0)
      railties (= 6.1.0.alpha)
      sprockets-rails (>= 2.0.0)
    railties (6.1.0.alpha)
      actionpack (= 6.1.0.alpha)
      activesupport (= 6.1.0.alpha)
      method_source
      rake (>= 0.8.7)
      thor (>= 0.20.3, < 2.0)

GIT
  remote: https://github.com/rails/spring.git
  revision: e7a36afa436fcc59b6945f68dbc08f1076e65585
  specs:
    spring (2.0.2)
      activesupport (>= 4.2)

GIT
  remote: https://github.com/rweng/pry-rails.git
  revision: 8bea87dfef849f6f1c5e1f9d22a6a6ff238b025f
  specs:
    pry-rails (0.3.9)
      pry (>= 0.10.4)

GIT
  remote: https://github.com/shimbaco/devise.git
  revision: 72002da3d1cd0ca244c6188c899cbce80ebc6aad
  branch: rails-6.1
  specs:
    devise (4.6.2)
      bcrypt (~> 3.0)
      orm_adapter (~> 0.1)
      railties (>= 4.1.0, < 6.2)
      responders
      warden (~> 1.2.3)

GEM
  remote: https://rubygems.org/
  specs:
    bcrypt (3.1.13)
    builder (3.2.3)
    coderay (1.1.2)
    concurrent-ruby (1.1.5)
    crass (1.0.4)
    erubi (1.8.0)
    ffi (1.11.1)
    globalid (0.4.2)
      activesupport (>= 4.2.0)
    i18n (1.6.0)
      concurrent-ruby (~> 1.0)
    loofah (2.2.3)
      crass (~> 1.0.2)
      nokogiri (>= 1.5.9)
    mail (2.7.1)
      mini_mime (>= 0.1.1)
    marcel (0.3.3)
      mimemagic (~> 0.3.2)
    method_source (0.9.2)
    mimemagic (0.3.3)
    mini_mime (1.0.1)
    mini_portile2 (2.4.0)
    minitest (5.11.3)
    msgpack (1.2.10)
    nio4r (2.3.1)
    nokogiri (1.10.3)
      mini_portile2 (~> 2.4.0)
    orm_adapter (0.5.0)
    rack (2.0.7)
    rack-test (1.1.0)
      rack (>= 1.0, < 3)
    rails-dom-testing (2.0.3)
      activesupport (>= 4.2.0)
      nokogiri (>= 1.6)
    rails-html-sanitizer (1.0.4)
      loofah (~> 2.2, >= 2.2.2)
    rake (12.3.2)
    rb-fsevent (0.10.3)
    rb-inotify (0.10.0)
      ffi (~> 1.0)
    responders (0.6.5)
    sprockets (3.7.2)
      concurrent-ruby (~> 1.0)
      rack (> 1, < 3)
    sprockets-rails (3.2.1)
      actionpack (>= 4.0)
      activesupport (>= 4.0)
      sprockets (>= 3.0.0)
    thor (0.20.3)
    thread_safe (0.3.6)
    tzinfo (1.2.5)
      thread_safe (~> 0.1)
    warden (1.2.8)
      rack (>= 2.0.6)
    websocket-driver (0.7.0)
      websocket-extensions (>= 0.1.0)
    websocket-extensions (0.1.3)
    zeitwerk (2.1.6)

PLATFORMS
  ruby

DEPENDENCIES
  bootsnap!
  devise!
  dotenv-rails!
  email_validator!
  listen!
  pg!
  pry!
  pry-rails!
  puma!
  rails!
  spring!
  spring-watcher-listen!

RUBY VERSION
   ruby 2.6.3p62

BUNDLED WITH
   1.17.2
